GEM
  remote: https://rubygems.org/
  specs:
    mocha (1.14.0)

PLATFORMS
  x86_64-linux

DEPENDENCIES
  mocha

BUNDLED WITH
   2.3.14
